NUGET
  remote: https://nuget.org/api/v2
  specs:
    Auth0 (1.11.3) - framework: >= net40
      Newtonsoft.Json (>= 6.0.6)
      RestSharp (>= 105.1.0)
    Auth0-ASPNET (1.4.0)
      Auth0 (>= 1.4.0)
      Microsoft.IdentityModel (>= 6.1.7600.16394)
      WebActivatorEx (>= 2.0.1)
    JWT (1.3.4)
    Microsoft.AspNet.Cors (5.2.3)
    Microsoft.AspNet.WebApi (5.2.3) - framework: >= net46
      Microsoft.AspNet.WebApi.WebHost (>= 5.2.3 < 5.3.0)
    Microsoft.AspNet.WebApi.Client (5.2.3) - framework: >= net46
    Microsoft.AspNet.WebApi.Core (5.2.3) - framework: >= net46
      Microsoft.AspNet.WebApi.Client (>= 5.2.3)
    Microsoft.AspNet.WebApi.Cors (5.2.3)
      Microsoft.AspNet.Cors (>= 5.2.3)
      Microsoft.AspNet.WebApi.Core (>= 5.2.3 < 5.3.0)
    Microsoft.AspNet.WebApi.WebHost (5.2.3) - framework: >= net46
      Microsoft.AspNet.WebApi.Core (>= 5.2.3 < 5.3.0)
    Microsoft.Azure.AppService.ApiApps.Service (0.9.64) - framework: >= net46
    Microsoft.Azure.KeyVault.Core (1.0.0) - framework: wpv8.0, >= net452
    Microsoft.Azure.WebJobs (1.0.1) - framework: >= net452
      Microsoft.Azure.WebJobs.Core (1.0.1)
      Newtonsoft.Json (>= 6.0.4)
      WindowsAzure.Storage (>= 4.0.1)
    Microsoft.Azure.WebJobs.Core (1.0.1) - framework: >= net452
    Microsoft.Azure.WebJobs.ServiceBus (1.0.1) - framework: >= net452
      Microsoft.Azure.WebJobs (1.0.1)
      Newtonsoft.Json (>= 6.0.4)
      WindowsAzure.ServiceBus (>= 2.3.1.0)
    Microsoft.Data.Edm (5.6.4) - framework: winv4.5, wpv8.0, >= net452
    Microsoft.Data.OData (5.6.4) - framework: winv4.5, wpv8.0, >= net452
      Microsoft.Data.Edm (5.6.4)
      System.Spatial (5.6.4)
    Microsoft.IdentityModel (6.1.7600.16394) - framework: net40
    Microsoft.Web.Infrastructure (1.0.0) - framework: >= net40
    Microsoft.WindowsAzure.ConfigurationManager (3.1.0) - framework: >= net452
    Moq (4.2.1507.118)
    Newtonsoft.Json (7.0.1) - framework: >= net452
    RestSharp (105.2.3) - framework: >= net40
    Selenium.Support (2.47.0)
      Selenium.WebDriver (>= 2.47.0)
    Selenium.WebDriver (2.48.0)
    SlowCheetah (2.5.15) - framework: >= net46
    Swashbuckle (5.2.2) - framework: >= net46
      Microsoft.AspNet.WebApi.WebHost (>= 4.0.20710)
      Swashbuckle.Core (>= 5.2.2)
      WebActivatorEx
    Swashbuckle.Core (5.2.2) - framework: >= net46
      Microsoft.AspNet.WebApi.Core (>= 4.0.20710)
    System.IdentityModel.Tokens.Jwt (4.0.2.206221351) - framework: >= net46
    System.Spatial (5.6.4) - framework: winv4.5, wpv8.0, >= net452
    WebActivatorEx (2.0.6) - framework: >= net40
      Microsoft.Web.Infrastructure (>= 1.0.0.0)
    WebApi.JsonWebToken (0.2.0)
      JWT (>= 1.3.2)
    WindowsAzure.ServiceBus (3.0.4) - framework: >= net452
      Microsoft.WindowsAzure.ConfigurationManager
    WindowsAzure.Storage (6.0.0) - framework: >= net452
      Microsoft.Azure.KeyVault.Core (>= 1.0.0)
      Microsoft.Data.OData (>= 5.6.4)
      Newtonsoft.Json (>= 6.0.8)
