NUGET
  remote: https://nuget.org/api/v2
  specs:
    Auth0 (1.11.3) - framework: >= net40
      Newtonsoft.Json (>= 6.0.6)
      RestSharp (>= 105.1.0)
    Auth0-ASPNET (1.4.0)
      Auth0 (>= 1.4.0) - framework: >= net40
      Microsoft.IdentityModel (>= 6.1.7600.16394) - framework: net40
      WebActivatorEx (>= 2.0.1) - framework: >= net40
    JWT (1.3.4)
    Microsoft.AspNet.Cors (5.2.3)
    Microsoft.AspNet.WebApi (5.2.3) - framework: >= net46
      Microsoft.AspNet.WebApi.WebHost (>= 5.2.3 < 5.3.0)
    Microsoft.AspNet.WebApi.Client (5.2.3) - framework: >= net46
      Newtonsoft.Json (>= 6.0.4) - framework: portable-wp80+win+net45+wp81+wpa81, >= net45
    Microsoft.AspNet.WebApi.Core (5.2.3)
      Microsoft.AspNet.WebApi.Client (>= 5.2.3)
    Microsoft.AspNet.WebApi.Cors (5.2.3)
      Microsoft.AspNet.Cors (>= 5.2.3)
      Microsoft.AspNet.WebApi.Core (>= 5.2.3 < 5.3.0)
    Microsoft.AspNet.WebApi.WebHost (5.2.3) - framework: >= net46
      Microsoft.AspNet.WebApi.Core (>= 5.2.3 < 5.3.0)
    Microsoft.Azure.AppService (0.2.2-alpha)
      Microsoft.AspNet.WebApi.Client (>= 5.2.0)
      Microsoft.Net.Http (>= 2.2.28)
      Newtonsoft.Json (>= 6.0.4)
      WindowsAzure.MobileServices (>= 2.0.0-alpha)
    Microsoft.Azure.AppService.ApiApps.Service (0.9.64) - framework: >= net46
      Microsoft.AspNet.WebApi.Client (>= 5.2.2) - framework: >= net45
      Newtonsoft.Json (>= 6.0.4) - framework: >= net45
      System.IdentityModel.Tokens.Jwt (>= 4.0.0) - framework: >= net45
    Microsoft.Azure.KeyVault.Core (1.0.0) - framework: wpv8.0, >= net40
    Microsoft.Azure.WebJobs (1.0.1)
      Microsoft.Azure.WebJobs.Core (1.0.1)
      Newtonsoft.Json (>= 6.0.4)
      WindowsAzure.Storage (>= 4.0.1)
    Microsoft.Azure.WebJobs.Core (1.0.1)
    Microsoft.Azure.WebJobs.ServiceBus (1.0.1)
      Microsoft.Azure.WebJobs (1.0.1)
      Newtonsoft.Json (>= 6.0.4)
      WindowsAzure.ServiceBus (>= 2.3.1.0)
    Microsoft.Bcl (1.1.10)
      Microsoft.Bcl.Build (>= 1.0.14)
    Microsoft.Bcl.Build (1.0.21) - import_targets: false
    Microsoft.CSharp (4.0.0) - framework: dnxcore50
      System.Collections (>= 4.0.10) - framework: dnxcore50
      System.Diagnostics.Debug (>= 4.0.10) - framework: dnxcore50
      System.Dynamic.Runtime (>= 4.0.0) - framework: dnxcore50
      System.Globalization (>= 4.0.10) - framework: dnxcore50
      System.Linq (>= 4.0.0) - framework: dnxcore50
      System.Linq.Expressions (>= 4.0.0) - framework: dnxcore50
      System.ObjectModel (>= 4.0.10) - framework: dnxcore50
      System.Reflection (>= 4.0.10) - framework: dnxcore50
      System.Reflection.Extensions (>= 4.0.0) - framework: dnxcore50
      System.Reflection.Primitives (>= 4.0.0) - framework: dnxcore50
      System.Reflection.TypeExtensions (>= 4.0.0) - framework: dnxcore50
      System.Resources.ResourceManager (>= 4.0.0) - framework: dnxcore50
      System.Runtime (>= 4.0.20) - framework: dnxcore50
      System.Runtime.Extensions (>= 4.0.10) - framework: dnxcore50
      System.Runtime.InteropServices (>= 4.0.20) - framework: dnxcore50
      System.Threading (>= 4.0.10) - framework: dnxcore50
    Microsoft.Data.Edm (5.6.4) - framework: winv4.5, wpv8.1, wpv8.0, >= net40
    Microsoft.Data.OData (5.6.4) - framework: winv4.5, wpv8.1, wpv8.0, >= net40
      Microsoft.Data.Edm (5.6.4)
      System.Spatial (5.6.4)
    Microsoft.Data.Services.Client (5.6.4) - framework: >= net40
      Microsoft.Data.OData (5.6.4)
    Microsoft.IdentityModel (6.1.7600.16394) - framework: net40
    Microsoft.Net.Http (2.2.29)
      Microsoft.Bcl (>= 1.1.10)
      Microsoft.Bcl.Build (>= 1.0.14)
    Microsoft.Rest.ClientRuntime (1.4.1)
      Microsoft.CSharp (>= 4.0.0) - framework: dnxcore50
      Newtonsoft.Json (>= 6.0.8) - framework: dnxcore50, portable-net45+win80+wpa81, >= net45
      System.Diagnostics.Tools (>= 4.0.0) - framework: dnxcore50
      System.Net.Http (>= 4.0.0) - framework: dnxcore50
      System.Threading.Tasks (>= 4.0.10) - framework: dnxcore50
      System.Xml.ReaderWriter (>= 4.0.10) - framework: dnxcore50
    Microsoft.Web.Infrastructure (1.0.0) - framework: >= net40
    Microsoft.Win32.Primitives (4.0.0) - framework: dnxcore50
      System.Runtime (>= 4.0.20) - framework: dnxcore50
      System.Runtime.InteropServices (>= 4.0.20) - framework: dnxcore50
    Microsoft.WindowsAzure.ConfigurationManager (3.1.0)
    Moq (4.2.1510.2205)
    Newtonsoft.Json (7.0.1) - framework: dnxcore50, portable-net45+win80+wpa81, >= net45
    RestSharp (105.2.3) - framework: >= net40
    Selenium.Support (2.48.0)
      Selenium.WebDriver (>= 2.48.0)
    Selenium.WebDriver (2.48.0)
    Swashbuckle (5.2.2) - framework: >= net46
      Microsoft.AspNet.WebApi.WebHost (>= 4.0.20710)
      Swashbuckle.Core (>= 5.2.2)
      WebActivatorEx
    Swashbuckle.Core (5.2.2) - framework: >= net46
      Microsoft.AspNet.WebApi.Core (>= 4.0.20710)
    System.Collections (4.0.10) - framework: dnxcore50
      System.Diagnostics.Debug (>= 4.0.0) - framework: dnxcore50
      System.Resources.ResourceManager (>= 4.0.0) - framework: dnxcore50
      System.Runtime (>= 4.0.0) - framework: dnxcore50
      System.Runtime (>= 4.0.20) - framework: dnxcore50
      System.Runtime.Extensions (>= 4.0.0) - framework: dnxcore50
      System.Threading (>= 4.0.0) - framework: dnxcore50
    System.Collections.Concurrent (4.0.10) - framework: dnxcore50
      System.Collections (>= 4.0.10) - framework: dnxcore50
      System.Diagnostics.Debug (>= 4.0.10) - framework: dnxcore50
      System.Diagnostics.Tracing (>= 4.0.20) - framework: dnxcore50
      System.Globalization (>= 4.0.10) - framework: dnxcore50
      System.Resources.ResourceManager (>= 4.0.0) - framework: dnxcore50
      System.Runtime (>= 4.0.20) - framework: dnxcore50
      System.Runtime.Extensions (>= 4.0.10) - framework: dnxcore50
      System.Threading (>= 4.0.10) - framework: dnxcore50
      System.Threading.Tasks (>= 4.0.10) - framework: dnxcore50
    System.Collections.NonGeneric (4.0.0) - framework: dnxcore50
      System.Diagnostics.Debug (>= 4.0.10) - framework: dnxcore50
      System.Globalization (>= 4.0.10) - framework: dnxcore50
      System.Resources.ResourceManager (>= 4.0.0) - framework: dnxcore50
      System.Runtime (>= 4.0.20) - framework: dnxcore50
      System.Runtime.Extensions (>= 4.0.10) - framework: dnxcore50
      System.Threading (>= 4.0.10) - framework: dnxcore50
    System.ComponentModel.EventBasedAsync (4.0.10) - framework: dnxcore50
      System.Resources.ResourceManager (>= 4.0.0) - framework: dnxcore50
      System.Runtime (>= 4.0.20) - framework: dnxcore50
      System.Threading (>= 4.0.10) - framework: dnxcore50
      System.Threading.Tasks (>= 4.0.10) - framework: dnxcore50
    System.Diagnostics.Contracts (4.0.0) - framework: dnxcore50
      System.Runtime (>= 4.0.0) - framework: dnxcore50
    System.Diagnostics.Debug (4.0.10) - framework: dnxcore50
      System.Runtime (>= 4.0.0) - framework: dnxcore50
    System.Diagnostics.Tools (4.0.0) - framework: dnxcore50
      System.Runtime (>= 4.0.0) - framework: dnxcore50
    System.Diagnostics.Tracing (4.0.20) - framework: dnxcore50
      System.Collections (>= 4.0.10) - framework: dnxcore50
      System.Globalization (>= 4.0.0) - framework: dnxcore50
      System.Reflection (>= 4.0.10) - framework: dnxcore50
      System.Reflection.Extensions (>= 4.0.0) - framework: dnxcore50
      System.Resources.ResourceManager (>= 4.0.0) - framework: dnxcore50
      System.Runtime (>= 4.0.0) - framework: dnxcore50
      System.Runtime (>= 4.0.20) - framework: dnxcore50
      System.Runtime.Extensions (>= 4.0.10) - framework: dnxcore50
      System.Runtime.InteropServices (>= 4.0.0) - framework: dnxcore50
      System.Text.Encoding (>= 4.0.0) - framework: dnxcore50
      System.Threading (>= 4.0.10) - framework: dnxcore50
    System.Dynamic.Runtime (4.0.10) - framework: dnxcore50
      System.Collections (>= 4.0.0) - framework: dnxcore50
      System.Diagnostics.Debug (>= 4.0.0) - framework: dnxcore50
      System.Globalization (>= 4.0.0) - framework: dnxcore50
      System.Linq (>= 4.0.0) - framework: dnxcore50
      System.Linq.Expressions (>= 4.0.10) - framework: dnxcore50
      System.ObjectModel (>= 4.0.0) - framework: dnxcore50
      System.Reflection (>= 4.0.0) - framework: dnxcore50
      System.Reflection.Emit (>= 4.0.0) - framework: dnxcore50
      System.Reflection.Primitives (>= 4.0.0) - framework: dnxcore50
      System.Reflection.TypeExtensions (>= 4.0.0) - framework: dnxcore50
      System.Resources.ResourceManager (>= 4.0.0) - framework: dnxcore50
      System.Runtime (>= 4.0.20) - framework: dnxcore50
      System.Runtime.Extensions (>= 4.0.0) - framework: dnxcore50
      System.Threading (>= 4.0.0) - framework: dnxcore50
    System.Globalization (4.0.10) - framework: dnxcore50
      System.Runtime (>= 4.0.0) - framework: dnxcore50
    System.IdentityModel.Tokens.Jwt (4.0.2.206221351) - framework: >= net46
    System.IO (4.0.10) - framework: dnxcore50
      System.Globalization (>= 4.0.0) - framework: dnxcore50
      System.Runtime (>= 4.0.20) - framework: dnxcore50
      System.Text.Encoding (>= 4.0.0) - framework: dnxcore50
      System.Text.Encoding (>= 4.0.10) - framework: dnxcore50
      System.Text.Encoding.Extensions (>= 4.0.0) - framework: dnxcore50
      System.Threading (>= 4.0.0) - framework: dnxcore50
      System.Threading.Tasks (>= 4.0.0) - framework: dnxcore50
    System.IO.Compression (4.0.0) - framework: dnxcore50
      System.Collections (>= 4.0.0) - framework: dnxcore50
      System.IO (>= 4.0.0) - framework: dnxcore50
      System.Resources.ResourceManager (>= 4.0.0) - framework: dnxcore50
      System.Runtime (>= 4.0.0) - framework: dnxcore50
      System.Runtime.Extensions (>= 4.0.0) - framework: dnxcore50
      System.Runtime.InteropServices (>= 4.0.0) - framework: dnxcore50
      System.Text.Encoding (>= 4.0.0) - framework: dnxcore50
      System.Threading (>= 4.0.0) - framework: dnxcore50
      System.Threading.Tasks (>= 4.0.0) - framework: dnxcore50
    System.IO.FileSystem (4.0.0) - framework: dnxcore50
      System.Collections (>= 4.0.10) - framework: dnxcore50
      System.Diagnostics.Debug (>= 4.0.10) - framework: dnxcore50
      System.IO (>= 4.0.0) - framework: dnxcore50
      System.IO (>= 4.0.10) - framework: dnxcore50
      System.IO.FileSystem.Primitives (>= 4.0.0) - framework: dnxcore50
      System.Resources.ResourceManager (>= 4.0.0) - framework: dnxcore50
      System.Runtime (>= 4.0.0) - framework: dnxcore50
      System.Runtime (>= 4.0.20) - framework: dnxcore50
      System.Runtime.Extensions (>= 4.0.10) - framework: dnxcore50
      System.Runtime.Handles (>= 4.0.0) - framework: dnxcore50
      System.Runtime.InteropServices (>= 4.0.20) - framework: dnxcore50
      System.Runtime.WindowsRuntime (>= 4.0.0) - framework: dnxcore50
      System.Text.Encoding (>= 4.0.0) - framework: dnxcore50
      System.Text.Encoding (>= 4.0.10) - framework: dnxcore50
      System.Text.Encoding.Extensions (>= 4.0.10) - framework: dnxcore50
      System.Threading (>= 4.0.10) - framework: dnxcore50
      System.Threading.Overlapped (>= 4.0.0) - framework: dnxcore50
      System.Threading.Tasks (>= 4.0.0) - framework: dnxcore50
      System.Threading.Tasks (>= 4.0.10) - framework: dnxcore50
    System.IO.FileSystem.Primitives (4.0.0) - framework: dnxcore50
      System.Runtime (>= 4.0.20) - framework: dnxcore50
    System.Linq (4.0.0) - framework: dnxcore50
      System.Collections (>= 4.0.10) - framework: dnxcore50
      System.Diagnostics.Debug (>= 4.0.10) - framework: dnxcore50
      System.Resources.ResourceManager (>= 4.0.0) - framework: dnxcore50
      System.Runtime (>= 4.0.20) - framework: dnxcore50
      System.Runtime.Extensions (>= 4.0.10) - framework: dnxcore50
    System.Linq.Expressions (4.0.10) - framework: dnxcore50
      System.Collections (>= 4.0.0) - framework: dnxcore50
      System.Diagnostics.Debug (>= 4.0.0) - framework: dnxcore50
      System.Globalization (>= 4.0.0) - framework: dnxcore50
      System.IO (>= 4.0.0) - framework: dnxcore50
      System.Linq (>= 4.0.0) - framework: dnxcore50
      System.ObjectModel (>= 4.0.0) - framework: dnxcore50
      System.Reflection (>= 4.0.0) - framework: dnxcore50
      System.Reflection.Emit (>= 4.0.0) - framework: dnxcore50
      System.Reflection.Extensions (>= 4.0.0) - framework: dnxcore50
      System.Reflection.Primitives (>= 4.0.0) - framework: dnxcore50
      System.Reflection.TypeExtensions (>= 4.0.0) - framework: dnxcore50
      System.Resources.ResourceManager (>= 4.0.0) - framework: dnxcore50
      System.Runtime (>= 4.0.0) - framework: dnxcore50
      System.Runtime (>= 4.0.20) - framework: dnxcore50
      System.Runtime.Extensions (>= 4.0.0) - framework: dnxcore50
      System.Threading (>= 4.0.0) - framework: dnxcore50
    System.Net.Http (4.0.0) - framework: dnxcore50
      Microsoft.Win32.Primitives (>= 4.0.0) - framework: dnxcore50
      System.Collections (>= 4.0.10) - framework: dnxcore50
      System.Diagnostics.Debug (>= 4.0.10) - framework: dnxcore50
      System.Globalization (>= 4.0.10) - framework: dnxcore50
      System.IO (>= 4.0.0) - framework: dnxcore50
      System.IO (>= 4.0.10) - framework: dnxcore50
      System.IO.Compression (>= 4.0.0) - framework: dnxcore50
      System.Net.Primitives (>= 4.0.0) - framework: dnxcore50
      System.Net.Primitives (>= 4.0.10) - framework: dnxcore50
      System.Resources.ResourceManager (>= 4.0.0) - framework: dnxcore50
      System.Runtime (>= 4.0.0) - framework: dnxcore50
      System.Runtime (>= 4.0.20) - framework: dnxcore50
      System.Runtime.Extensions (>= 4.0.10) - framework: dnxcore50
      System.Runtime.Handles (>= 4.0.0) - framework: dnxcore50
      System.Runtime.InteropServices (>= 4.0.20) - framework: dnxcore50
      System.Runtime.WindowsRuntime (>= 4.0.10) - framework: dnxcore50
      System.Text.Encoding (>= 4.0.0) - framework: dnxcore50
      System.Text.Encoding (>= 4.0.10) - framework: dnxcore50
      System.Text.Encoding.Extensions (>= 4.0.10) - framework: dnxcore50
      System.Threading (>= 4.0.10) - framework: dnxcore50
      System.Threading.Tasks (>= 4.0.0) - framework: dnxcore50
      System.Threading.Tasks (>= 4.0.10) - framework: dnxcore50
    System.Net.Primitives (4.0.10) - framework: dnxcore50
      System.Private.Networking (>= 4.0.0) - framework: dnxcore50
      System.Runtime (>= 4.0.0) - framework: dnxcore50
      System.Runtime (>= 4.0.20) - framework: dnxcore50
      System.Runtime.Handles (>= 4.0.0) - framework: dnxcore50
    System.ObjectModel (4.0.10) - framework: dnxcore50
      System.Collections (>= 4.0.10) - framework: dnxcore50
      System.Diagnostics.Debug (>= 4.0.10) - framework: dnxcore50
      System.Resources.ResourceManager (>= 4.0.0) - framework: dnxcore50
      System.Runtime (>= 4.0.20) - framework: dnxcore50
      System.Threading (>= 4.0.10) - framework: dnxcore50
    System.Private.Networking (4.0.0) - framework: dnxcore50
      Microsoft.Win32.Primitives (>= 4.0.0) - framework: dnxcore50
      System.Collections (>= 4.0.10) - framework: dnxcore50
      System.Collections.Concurrent (>= 4.0.0) - framework: dnxcore50
      System.Collections.NonGeneric (>= 4.0.0) - framework: dnxcore50
      System.ComponentModel.EventBasedAsync (>= 4.0.10) - framework: dnxcore50
      System.Diagnostics.Debug (>= 4.0.10) - framework: dnxcore50
      System.Diagnostics.Tracing (>= 4.0.20) - framework: dnxcore50
      System.Globalization (>= 4.0.10) - framework: dnxcore50
      System.IO (>= 4.0.10) - framework: dnxcore50
      System.IO.FileSystem (>= 4.0.0) - framework: dnxcore50
      System.IO.FileSystem.Primitives (>= 4.0.0) - framework: dnxcore50
      System.Resources.ResourceManager (>= 4.0.0) - framework: dnxcore50
      System.Runtime (>= 4.0.20) - framework: dnxcore50
      System.Runtime.Extensions (>= 4.0.10) - framework: dnxcore50
      System.Runtime.Handles (>= 4.0.0) - framework: dnxcore50
      System.Runtime.InteropServices (>= 4.0.20) - framework: dnxcore50
      System.Threading (>= 4.0.10) - framework: dnxcore50
      System.Threading.Overlapped (>= 4.0.0) - framework: dnxcore50
      System.Threading.Tasks (>= 4.0.10) - framework: dnxcore50
    System.Private.Uri (4.0.0) - framework: dnxcore50
    System.Reflection (4.0.10) - framework: dnxcore50
      System.IO (>= 4.0.0) - framework: dnxcore50
      System.Reflection.Primitives (>= 4.0.0) - framework: dnxcore50
      System.Runtime (>= 4.0.20) - framework: dnxcore50
    System.Reflection.Emit (4.0.0) - framework: dnxcore50
      System.IO (>= 4.0.0) - framework: dnxcore50
      System.Reflection (>= 4.0.0) - framework: dnxcore50
      System.Reflection.Emit.ILGeneration (>= 4.0.0) - framework: dnxcore50
      System.Reflection.Primitives (>= 4.0.0) - framework: dnxcore50
      System.Runtime (>= 4.0.0) - framework: dnxcore50
    System.Reflection.Emit.ILGeneration (4.0.0) - framework: dnxcore50
      System.Reflection (>= 4.0.0) - framework: dnxcore50
      System.Reflection.Primitives (>= 4.0.0) - framework: dnxcore50
      System.Runtime (>= 4.0.0) - framework: dnxcore50
    System.Reflection.Extensions (4.0.0) - framework: dnxcore50
      System.Diagnostics.Debug (>= 4.0.10) - framework: dnxcore50
      System.Reflection (>= 4.0.0) - framework: dnxcore50
      System.Reflection (>= 4.0.10) - framework: dnxcore50
      System.Reflection.Primitives (>= 4.0.0) - framework: dnxcore50
      System.Reflection.TypeExtensions (>= 4.0.0) - framework: dnxcore50
      System.Resources.ResourceManager (>= 4.0.0) - framework: dnxcore50
      System.Runtime (>= 4.0.0) - framework: dnxcore50
      System.Runtime (>= 4.0.20) - framework: dnxcore50
      System.Runtime.Extensions (>= 4.0.10) - framework: dnxcore50
    System.Reflection.Primitives (4.0.0) - framework: dnxcore50
      System.Runtime (>= 4.0.0) - framework: dnxcore50
      System.Threading (>= 4.0.0) - framework: dnxcore50
    System.Reflection.TypeExtensions (4.0.0) - framework: dnxcore50
      System.Diagnostics.Contracts (>= 4.0.0) - framework: dnxcore50
      System.Diagnostics.Debug (>= 4.0.10) - framework: dnxcore50
      System.Linq (>= 4.0.0) - framework: dnxcore50
      System.Reflection (>= 4.0.0) - framework: dnxcore50
      System.Reflection (>= 4.0.10) - framework: dnxcore50
      System.Reflection.Primitives (>= 4.0.0) - framework: dnxcore50
      System.Resources.ResourceManager (>= 4.0.0) - framework: dnxcore50
      System.Runtime (>= 4.0.0) - framework: dnxcore50
      System.Runtime (>= 4.0.20) - framework: dnxcore50
      System.Runtime.Extensions (>= 4.0.10) - framework: dnxcore50
    System.Resources.ResourceManager (4.0.0) - framework: dnxcore50
      System.Globalization (>= 4.0.0) - framework: dnxcore50
      System.Reflection (>= 4.0.0) - framework: dnxcore50
      System.Reflection (>= 4.0.10) - framework: dnxcore50
      System.Runtime (>= 4.0.0) - framework: dnxcore50
      System.Runtime (>= 4.0.20) - framework: dnxcore50
    System.Runtime (4.0.20) - framework: dnxcore50
      System.Private.Uri (>= 4.0.0) - framework: dnxcore50
    System.Runtime.Extensions (4.0.10) - framework: dnxcore50
      System.Runtime (>= 4.0.20) - framework: dnxcore50
    System.Runtime.Handles (4.0.0) - framework: dnxcore50
      System.Runtime (>= 4.0.0) - framework: dnxcore50
    System.Runtime.InteropServices (4.0.20) - framework: dnxcore50
      System.Reflection (>= 4.0.0) - framework: dnxcore50
      System.Reflection.Primitives (>= 4.0.0) - framework: dnxcore50
      System.Runtime (>= 4.0.0) - framework: dnxcore50
      System.Runtime.Handles (>= 4.0.0) - framework: dnxcore50
    System.Runtime.WindowsRuntime (4.0.10) - framework: dnxcore50
      System.Diagnostics.Debug (>= 4.0.10) - framework: dnxcore50
      System.Globalization (>= 4.0.0) - framework: dnxcore50
      System.IO (>= 4.0.0) - framework: dnxcore50
      System.IO (>= 4.0.10) - framework: dnxcore50
      System.ObjectModel (>= 4.0.0) - framework: dnxcore50
      System.Resources.ResourceManager (>= 4.0.0) - framework: dnxcore50
      System.Runtime (>= 4.0.0) - framework: dnxcore50
      System.Runtime (>= 4.0.20) - framework: dnxcore50
      System.Runtime.Extensions (>= 4.0.0) - framework: dnxcore50
      System.Runtime.InteropServices (>= 4.0.20) - framework: dnxcore50
      System.Threading (>= 4.0.10) - framework: dnxcore50
      System.Threading.Tasks (>= 4.0.0) - framework: dnxcore50
      System.Threading.Tasks (>= 4.0.10) - framework: dnxcore50
    System.Spatial (5.6.4) - framework: winv4.5, wpv8.1, wpv8.0, >= net40
    System.Text.Encoding (4.0.10) - framework: dnxcore50
      System.Runtime (>= 4.0.0) - framework: dnxcore50
    System.Text.Encoding.Extensions (4.0.10) - framework: dnxcore50
      System.Runtime (>= 4.0.0) - framework: dnxcore50
      System.Text.Encoding (>= 4.0.10) - framework: dnxcore50
    System.Text.RegularExpressions (4.0.10) - framework: dnxcore50
      System.Collections (>= 4.0.10) - framework: dnxcore50
      System.Globalization (>= 4.0.10) - framework: dnxcore50
      System.Resources.ResourceManager (>= 4.0.0) - framework: dnxcore50
      System.Runtime (>= 4.0.20) - framework: dnxcore50
      System.Runtime.Extensions (>= 4.0.10) - framework: dnxcore50
      System.Threading (>= 4.0.10) - framework: dnxcore50
    System.Threading (4.0.10) - framework: dnxcore50
      System.Runtime (>= 4.0.0) - framework: dnxcore50
      System.Threading.Tasks (>= 4.0.0) - framework: dnxcore50
    System.Threading.Overlapped (4.0.0) - framework: dnxcore50
      System.Resources.ResourceManager (>= 4.0.0) - framework: dnxcore50
      System.Runtime (>= 4.0.0) - framework: dnxcore50
      System.Runtime (>= 4.0.20) - framework: dnxcore50
      System.Runtime.Extensions (>= 4.0.0) - framework: dnxcore50
      System.Runtime.Handles (>= 4.0.0) - framework: dnxcore50
      System.Runtime.InteropServices (>= 4.0.20) - framework: dnxcore50
      System.Threading (>= 4.0.10) - framework: dnxcore50
    System.Threading.Tasks (4.0.10) - framework: dnxcore50
      System.Runtime (>= 4.0.0) - framework: dnxcore50
    System.Xml.ReaderWriter (4.0.10) - framework: dnxcore50
      System.Collections (>= 4.0.10) - framework: dnxcore50
      System.Diagnostics.Debug (>= 4.0.10) - framework: dnxcore50
      System.Globalization (>= 4.0.10) - framework: dnxcore50
      System.IO (>= 4.0.10) - framework: dnxcore50
      System.IO.FileSystem (>= 4.0.0) - framework: dnxcore50
      System.IO.FileSystem.Primitives (>= 4.0.0) - framework: dnxcore50
      System.Resources.ResourceManager (>= 4.0.0) - framework: dnxcore50
      System.Runtime (>= 4.0.20) - framework: dnxcore50
      System.Runtime.Extensions (>= 4.0.10) - framework: dnxcore50
      System.Runtime.InteropServices (>= 4.0.20) - framework: dnxcore50
      System.Text.Encoding (>= 4.0.10) - framework: dnxcore50
      System.Text.Encoding.Extensions (>= 4.0.10) - framework: dnxcore50
      System.Text.RegularExpressions (>= 4.0.10) - framework: dnxcore50
      System.Threading.Tasks (>= 4.0.10) - framework: dnxcore50
    WebActivatorEx (2.0.6) - framework: >= net40
      Microsoft.Web.Infrastructure (>= 1.0.0.0)
    WebApi.JsonWebToken (0.2.0)
      JWT (>= 1.3.2)
    WindowsAzure.MobileServices (2.0.0-beta-2)
      Microsoft.Bcl (>= 1.1.9)
      Microsoft.Net.Http (>= 2.2.28)
      Newtonsoft.Json (>= 6.0.4)
    WindowsAzure.ServiceBus (3.0.7)
      Microsoft.WindowsAzure.ConfigurationManager
    WindowsAzure.Storage (6.0.0)
      Microsoft.Azure.KeyVault.Core (>= 1.0.0) - framework: wpv8.0, >= net40
      Microsoft.Data.OData (>= 5.6.4) - framework: winv4.5, wpv8.1, wpv8.0, >= net40
      Microsoft.Data.Services.Client (>= 5.6.4) - framework: >= net40
      Newtonsoft.Json (>= 6.0.8) - framework: winv4.5, wpv8.1, wpv8.0, >= net40
